GEM
  remote: https://rubygems.org/
  specs:
    minitest (5.2.2)

PLATFORMS
  ruby

DEPENDENCIES
  minitest (~> 5.2)
